NUGET
  remote: https://nuget.org/api/v2
  specs:
    dotNetRDF (1.0.7.3471)
      HtmlAgilityPack (>= 1.4.9) - framework: >= net35, >= net35, >= net40, >= net40
      Newtonsoft.Json (>= 6.0.6) - framework: portable-net40+sl40+win+wp80+MonoAndroid10+MonoTouch10, >= net35, >= net35, >= net40, >= net40
      VDS.Common (1.4.0) - framework: portable-net40+sl40+win+wp80+MonoAndroid10+MonoTouch10, >= net35, >= net35, >= net40, >= net40
    FAKE (3.23.0)
    FSharp.Compiler.Service (0.0.86)
    FSharp.Formatting (2.7.5)
      FSharp.Compiler.Service (>= 0.0.82)
      FSharpVSPowerTools.Core (>= 1.7.0)
    FSharp.RDF (1.0.23)
      FSharpx.Core
      dotNetRDF
    FSharpVSPowerTools.Core (1.7.0)
      FSharp.Compiler.Service (>= 0.0.81)
    FSharpx (1.2.1.110910)
    FSharpx.Core (1.8.41)
    HtmlAgilityPack (1.4.9) - framework: >= net35, >= net35, >= net40, >= net40
    Microsoft.Bcl (1.1.10)
      Microsoft.Bcl.Build (>= 1.0.14)
    Microsoft.Bcl.Build (1.0.21)
    Microsoft.Net.Http (2.2.29)
      Microsoft.Bcl (>= 1.1.10)
      Microsoft.Bcl.Build (>= 1.0.14)
    Newtonsoft.Json (6.0.8) - framework: >= net35, >= net35, >= net40, >= net40
    NuGet.CommandLine (2.8.3)
    Octokit (0.7.3) - framework: >= net35, >= net35, >= net40, >= net40
      Microsoft.Net.Http
    SourceLink.Fake (0.4.2)
    UnionArgParser (0.8.6)
    Unquote (2.2.2)
    VDS.Common (1.4.0) - framework: >= net35, >= net35, >= net40, >= net40
    xunit (1.9.2)
    xunit.runners (1.9.2)
GITHUB
  remote: fsharp/FAKE
  specs:
    modules/Octokit/Octokit.fsx (8c43fc5a6b2af40e207e38eb37159454b238c10d)
      Octokit